GEM
  remote: https://rubygems.org/
  specs:
    json (2.1.0)
    minitest (5.10.3)

PLATFORMS
  ruby

DEPENDENCIES
  json
  minitest

BUNDLED WITH
   1.16.0
